GEM
  remote: https://rubygems.org/
  specs:
    bert (1.1.2)
    bertrpc (1.3.0)
      bert (>= 1.1.0, < 2.0.0)
    rack (1.4.1)
    rack-protection (1.2.0)
      rack
    sinatra (1.3.2)
      rack (~> 1.3, >= 1.3.6)
      rack-protection (~> 1.2)
      tilt (~> 1.3, >= 1.3.3)
    tilt (1.3.3)

PLATFORMS
  ruby

DEPENDENCIES
  bertrpc
  sinatra
