GEM
  remote: https://rubygems.org/
  specs:
    bert (1.1.2)
    bertrpc (1.3.0)
      bert (>= 1.1.0, < 2.0.0)
    ernie (2.5.2)
      bert (>= 1.1.0)
      bertrpc (>= 1.0.0)
    nokogiri (1.4.4)

PLATFORMS
  ruby

DEPENDENCIES
  ernie
  nokogiri
